PATH
  remote: .
  specs:
    meteofrance-api (0.1.0)
      faraday (~> 2.3.0)

GEM
  remote: https://rubygems.org/
  specs:
    faraday (2.3.0)
      faraday-net_http (~> 2.0)
      ruby2_keywords (>= 0.0.4)
    faraday-net_http (2.0.3)
    minitest (5.15.0)
    rake (10.5.0)
    ruby2_keywords (0.0.5)

PLATFORMS
  ruby

DEPENDENCIES
  bundler (~> 1.17)
  meteofrance-api!
  minitest (~> 5.0)
  rake (~> 10.0)

BUNDLED WITH
   1.17.2
